STORAGE: NONE
RESTRICTION: == net9.0
NUGET
  remote: https://api.nuget.org/v3/index.json
    Argu (6.2.5)
      FSharp.Core (>= 6.0)
      System.Configuration.ConfigurationManager (>= 4.4)
    BlackFox.ColoredPrintf (2.0)
      BlackFox.MasterOfFoo (>= 2.0 < 3.0)
    BlackFox.MasterOfFoo (2.1)
    FSharp.Control.FusionTasks (2.6)
      FSharp.Core (>= 6.0)
      Microsoft.Bcl.AsyncInterfaces (>= 6.0)
    FSharp.Core (9.0.300)
    Microsoft.Bcl.AsyncInterfaces (9.0.6)
    System.Configuration.ConfigurationManager (9.0.7)
      System.Diagnostics.EventLog (>= 9.0.7)
      System.Security.Cryptography.ProtectedData (>= 9.0.7)
    System.Diagnostics.EventLog (9.0.7)
    System.Security.Cryptography.ProtectedData (9.0.7)
